GEM
  remote: https://rubygems.org/
  specs:
    atomic (1.1.14)
    bson (1.9.2)
    buftok (0.1)
    descendants_tracker (0.0.3)
    equalizer (0.0.7)
    faraday (0.8.8)
      multipart-post (~> 1.2.0)
    http (0.5.0)
      http_parser.rb
    http_parser.rb (0.5.3)
    json (1.8.1)
    memoizable (0.2.0)
      thread_safe (~> 0.1.3)
    mongo (1.9.2)
      bson (~> 1.9.2)
    multipart-post (1.2.0)
    rainbow (1.1.4)
    simple_oauth (0.2.0)
    thread_safe (0.1.3)
      atomic
    twitter (5.0.0)
      buftok (~> 0.1.0)
      descendants_tracker (~> 0.0.1)
      equalizer (~> 0.0.7)
      faraday (>= 0.8, < 0.10)
      http (~> 0.5.0)
      http_parser.rb (~> 0.5.0)
      json (~> 1.8)
      memoizable (~> 0.2.0)
      simple_oauth (~> 0.2.0)

PLATFORMS
  ruby

DEPENDENCIES
  mongo (~> 1.9.2)
  rainbow (~> 1.x.x)
  twitter (~> 5.x.x)
